GEM
  remote: http://rubygems.org/
  specs:
    capistrano (3.2.1)
      i18n
      rake (>= 10.0.0)
      sshkit (~> 1.3)
    colorize (0.7.3)
    haml (3.1.7)
    i18n (0.6.9)
    json (1.7.5)
    net-scp (1.2.1)
      net-ssh (>= 2.6.5)
    net-ssh (2.9.1)
    rack (1.4.1)
    rack-protection (1.3.2)
      rack
    rake (10.3.2)
    sass (3.2.3)
    sinatra (1.3.3)
      rack (~> 1.3, >= 1.3.6)
      rack-protection (~> 1.2)
      tilt (~> 1.3, >= 1.3.3)
    sshkit (1.5.1)
      colorize
      net-scp (>= 1.1.2)
      net-ssh (>= 2.8.0)
    tilt (1.3.3)

PLATFORMS
  ruby

DEPENDENCIES
  capistrano (~> 3.2.0)
  haml
  json
  sass
  sinatra
